GEM
  remote: http://rubygems.org/
  specs:
    activesupport (3.2.5)
      i18n (~> 0.6)
      multi_json (~> 1.0)
    builder (3.0.0)
    i18n (0.6.0)
    multi_json (1.3.6)
    nokogiri (1.5.2)
    wrest (1.5.0)
      activesupport (~> 3)
      builder (> 2.0)
      multi_json (~> 1.0)

PLATFORMS
  ruby

DEPENDENCIES
  nokogiri
  wrest
